GEM
  remote: https://rubygems.org/
  specs:
    chroma (0.2.0)
    csv (3.1.2)
    fileutils (1.4.1)
    kramdown (2.3.0)
      rexml
    pdf-core (0.7.0)
    prawn (2.2.2)
      pdf-core (~> 0.7.0)
      ttfunk (~> 1.5)
    rexml (3.2.4)
    ttfunk (1.6.1)

PLATFORMS
  ruby

DEPENDENCIES
  chroma
  csv
  fileutils
  kramdown
  prawn

BUNDLED WITH
   2.1.4
